GEM
  remote: https://rubygems.org/
  specs:
    docsplit (0.7.5)
    rake (10.3.2)

PLATFORMS
  ruby

DEPENDENCIES
  docsplit
  rake
