GEM
  remote: https://rubygems.org/
  specs:
    docsplit (0.7.5)
    pg (0.17.1)
    rack (1.5.2)
    rack-protection (1.5.3)
      rack
    rake (10.3.2)
    sequel (4.13.0)
    sequel_pg (1.6.10)
      pg (>= 0.8.0)
      sequel (>= 3.39.0)
    sinatra (1.4.5)
      rack (~> 1.4)
      rack-protection (~> 1.4)
      tilt (~> 1.3, >= 1.3.4)
    tilt (1.4.1)

PLATFORMS
  ruby

DEPENDENCIES
  docsplit
  rake
  sequel
  sequel_pg
  sinatra
